PATH
  remote: .
  specs:
    cloudpatrol (0.1.0)
      aws-sdk (= 1.11.0)
      gli (= 2.6.0)

GEM
  remote: https://rubygems.org/
  specs:
    aruba (0.5.3)
      childprocess (>= 0.3.6)
      cucumber (>= 1.1.1)
      rspec-expectations (>= 2.7.0)
    aws-sdk (1.11.0)
      json (~> 1.4)
      nokogiri (>= 1.4.4)
      uuidtools (~> 2.1)
    builder (3.2.2)
    childprocess (0.3.9)
      ffi (~> 1.0, >= 1.0.11)
    cucumber (1.3.2)
      builder (>= 2.1.2)
      diff-lcs (>= 1.1.3)
      gherkin (~> 2.12.0)
      multi_json (~> 1.3)
    diff-lcs (1.2.4)
    ffi (1.9.0)
    gherkin (2.12.0)
      multi_json (~> 1.3)
    gli (2.6.0)
    json (1.8.0)
    mini_portile (0.5.0)
    multi_json (1.7.7)
    nokogiri (1.6.0)
      mini_portile (~> 0.5.0)
    rake (10.1.0)
    rdoc (4.0.1)
      json (~> 1.4)
    rspec-expectations (2.13.0)
      diff-lcs (>= 1.1.3, < 2.0)
    uuidtools (2.1.4)

PLATFORMS
  ruby

DEPENDENCIES
  aruba
  aws-sdk (= 1.11.0)
  cloudpatrol!
  rake
  rdoc
